GEM
  remote: http://rubygems.org/
  specs:
    mysql2 (0.3.18-x64-mingw32)
    power_assert (0.2.3)
    test-unit (3.0.9)
      power_assert

PLATFORMS
  x64-mingw32

DEPENDENCIES
  mysql2
  test-unit (~> 3.0.9)
